PATH
  remote: ../../vendor/ey_api_hmac
  specs:
    ey_api_hmac (0.0.1)
      rack-client

PATH
  remote: ../../vendor/ey_services_api
  specs:
    ey_services_api (0.0.1)
      json
      rack-client

PATH
  remote: ../../vendor/ey_services_api_internal
  specs:
    ey_services_api_internal (0.0.1)
      rest-client

GEM
  remote: http://rubygems.org/
  specs:
    activemodel (3.0.9)
      activesupport (= 3.0.9)
      builder (~> 2.1.2)
      i18n (~> 0.5.0)
    activerecord (3.0.9)
      activemodel (= 3.0.9)
      activesupport (= 3.0.9)
      arel (~> 2.0.10)
      tzinfo (~> 0.3.23)
    activesupport (3.0.9)
    arel (2.0.10)
    builder (2.1.2)
    haml (3.1.2)
    i18n (0.5.0)
    json (1.5.3)
    mime-types (1.16)
    pg (0.11.0)
    rack (1.3.0)
    rack-client (0.3.1.pre.g)
      rack (>= 1.0.0)
    rest-client (1.6.3)
      mime-types (>= 1.16)
    sinatra (1.2.6)
      rack (~> 1.1)
      tilt (< 2.0, >= 1.2.2)
    sqlite3 (1.3.4)
    tilt (1.3.2)
    tzinfo (0.3.29)

PLATFORMS
  ruby

DEPENDENCIES
  activerecord (= 3.0.9)
  ey_api_hmac!
  ey_services_api!
  ey_services_api_internal!
  haml
  pg
  sinatra
  sqlite3
