PATH
  remote: .
  specs:
    chronatog (0.0.0)
      activerecord
      ey_services_api
      haml
      rufus-scheduler
      sinatra

PATH
  remote: ../ey_services_api
  specs:
    ey_services_api (0.0.5)
      ey_api_hmac
      json

GEM
  remote: http://rubygems.org/
  specs:
    RedCloth (4.2.8)
    activemodel (3.0.9)
      activesupport (= 3.0.9)
      builder (~> 2.1.2)
      i18n (~> 0.5.0)
    activerecord (3.0.9)
      activemodel (= 3.0.9)
      activesupport (= 3.0.9)
      arel (~> 2.0.10)
      tzinfo (~> 0.3.23)
    activesupport (3.0.9)
    arel (2.0.10)
    builder (2.1.2)
    colored (1.2)
    diff-lcs (1.1.2)
    ey_api_hmac (0.0.13)
      json
      rack-client
    guard (0.7.0)
      thor (~> 0.14.6)
    guard-rspec (0.4.5)
      guard (>= 0.4.0)
    haml (3.1.2)
    i18n (0.5.0)
    json (1.6.1)
    pg (0.11.0)
    rack (1.3.3)
    rack-client (0.4.0)
      rack (>= 1.0.0)
    rake (0.9.2)
    rspec (2.6.0)
      rspec-core (~> 2.6.0)
      rspec-expectations (~> 2.6.0)
      rspec-mocks (~> 2.6.0)
    rspec-core (2.6.4)
    rspec-expectations (2.6.0)
      diff-lcs (~> 1.1.2)
    rspec-mocks (2.6.0)
    rufus-scheduler (2.0.10)
      tzinfo (>= 0.3.23)
    sinatra (1.2.6)
      rack (~> 1.1)
      tilt (< 2.0, >= 1.2.2)
    sqlite3 (1.3.4)
    thor (0.14.6)
    tilt (1.3.3)
    tzinfo (0.3.29)

PLATFORMS
  ruby

DEPENDENCIES
  RedCloth
  chronatog!
  colored
  ey_services_api!
  guard-rspec
  pg
  rake
  rspec
  sqlite3
