PATH
  remote: .
  specs:
    chronatog (0.0.0)
      activerecord
      ey_api_hmac
      ey_services_api
      haml
      sinatra

GEM
  remote: http://rubygems.org/
  specs:
    RedCloth (4.2.8)
    activemodel (3.1.0)
      activesupport (= 3.1.0)
      bcrypt-ruby (~> 3.0.0)
      builder (~> 3.0.0)
      i18n (~> 0.6)
    activerecord (3.1.0)
      activemodel (= 3.1.0)
      activesupport (= 3.1.0)
      arel (~> 2.2.1)
      tzinfo (~> 0.3.29)
    activesupport (3.1.0)
      multi_json (~> 1.0)
    arel (2.2.1)
    bcrypt-ruby (3.0.1)
    builder (3.0.0)
    colored (1.2)
    cubbyhole (0.2.0)
    diff-lcs (1.1.2)
    ey_api_hmac (0.0.15)
      json
      rack-client
    ey_services_api (0.1.0)
      ey_api_hmac
      json
    ey_services_fake (0.0.1)
      cubbyhole (>= 0.2.0)
      sinatra
    guard (0.7.0)
      thor (~> 0.14.6)
    guard-rspec (0.4.5)
      guard (>= 0.4.0)
    haml (3.1.3)
    i18n (0.6.0)
    json (1.6.1)
    multi_json (1.0.3)
    pg (0.11.0)
    rack (1.3.4)
    rack-client (0.4.0)
      rack (>= 1.0.0)
    rack-protection (1.1.4)
      rack
    rake (0.9.2)
    rspec (2.6.0)
      rspec-core (~> 2.6.0)
      rspec-expectations (~> 2.6.0)
      rspec-mocks (~> 2.6.0)
    rspec-core (2.6.4)
    rspec-expectations (2.6.0)
      diff-lcs (~> 1.1.2)
    rspec-mocks (2.6.0)
    sinatra (1.3.1)
      rack (~> 1.3, >= 1.3.4)
      rack-protection (~> 1.1, >= 1.1.2)
      tilt (~> 1.3, >= 1.3.3)
    sqlite3 (1.3.4)
    thor (0.14.6)
    tilt (1.3.3)
    tzinfo (0.3.30)

PLATFORMS
  ruby

DEPENDENCIES
  RedCloth
  chronatog!
  colored
  ey_services_fake
  guard-rspec
  pg
  rake
  rspec
  sqlite3
