PATH
  remote: ../ey_services_api
  specs:
    ey_services_api (0.3.5)
      ey_api_hmac (>= 0.3.0)
      json

PATH
  remote: ../ey_services_api/fake
  specs:
    ey_services_fake (0.3.5)
      cubbyhole (>= 0.2.0)
      sinatra

GEM
  remote: http://rubygems.org/
  specs:
    RedCloth (4.2.8)
    activemodel (3.1.0)
      activesupport (= 3.1.0)
      bcrypt-ruby (~> 3.0.0)
      builder (~> 3.0.0)
      i18n (~> 0.6)
    activerecord (3.1.0)
      activemodel (= 3.1.0)
      activesupport (= 3.1.0)
      arel (~> 2.2.1)
      tzinfo (~> 0.3.29)
    activesupport (3.1.0)
      multi_json (~> 1.0)
    arel (2.2.1)
    bcrypt-ruby (3.0.1)
    builder (3.0.0)
    capybara (1.1.1)
      mime-types (>= 1.16)
      nokogiri (>= 1.3.3)
      rack (>= 1.0.0)
      rack-test (>= 0.5.4)
      selenium-webdriver (~> 2.0)
      xpath (~> 0.1.4)
    childprocess (0.2.2)
      ffi (~> 1.0.6)
    colored (1.2)
    cubbyhole (0.2.1)
    diff-lcs (1.1.2)
    ey_api_hmac (0.4.4)
      json
      rack-client
      rack-idempotent (>= 0.0.3)
    ey_config (0.0.1)
    ffi (1.0.9)
    guard (0.7.0)
      thor (~> 0.14.6)
    guard-rspec (0.4.5)
      guard (>= 0.4.0)
    haml (3.1.3)
    i18n (0.6.0)
    json (1.6.5)
    json_pure (1.6.1)
    mime-types (1.16)
    multi_json (1.0.3)
    nokogiri (1.4.3.1)
    pg (0.11.0)
    rack (1.4.1)
    rack-client (0.4.0)
      rack (>= 1.0.0)
    rack-idempotent (0.0.3)
    rack-protection (1.1.4)
      rack
    rack-test (0.6.1)
      rack (>= 1.0)
    rake (0.9.2)
    request_visualizer (0.0.2)
      colored
    rspec (2.6.0)
      rspec-core (~> 2.6.0)
      rspec-expectations (~> 2.6.0)
      rspec-mocks (~> 2.6.0)
    rspec-core (2.6.4)
    rspec-expectations (2.6.0)
      diff-lcs (~> 1.1.2)
    rspec-mocks (2.6.0)
    rubyzip (0.9.4)
    selenium-webdriver (2.6.0)
      childprocess (>= 0.2.1)
      ffi (>= 1.0.7)
      json_pure
      rubyzip
    sinatra (1.3.1)
      rack (~> 1.3, >= 1.3.4)
      rack-protection (~> 1.1, >= 1.1.2)
      tilt (~> 1.3, >= 1.3.3)
    sqlite3 (1.3.4)
    thor (0.14.6)
    tilt (1.3.3)
    tzinfo (0.3.30)
    xpath (0.1.4)
      nokogiri (~> 1.3)

PLATFORMS
  ruby

DEPENDENCIES
  RedCloth
  activerecord
  capybara
  colored
  ey_api_hmac
  ey_config
  ey_services_api!
  ey_services_fake!
  guard-rspec
  haml
  pg
  rake
  request_visualizer
  rspec
  sinatra
  sqlite3
