PATH
  remote: ../../vendor/ey_api_hmac
  specs:
    ey_api_hmac (0.0.1)

PATH
  remote: ../../vendor/ey_services_api
  specs:
    ey_services_api (0.0.1)
      json
      rack-client

PATH
  remote: ../../vendor/ey_services_api_internal
  specs:
    ey_services_api_internal (0.0.1)
      rest-client

GEM
  remote: http://rubygems.org/
  specs:
    haml (3.1.1)
    json (1.5.3)
    mime-types (1.16)
    rack (1.3.0)
    rack-client (0.3.1.pre.g)
      rack (>= 1.0.0)
    rest-client (1.6.3)
      mime-types (>= 1.16)
    sinatra (1.2.6)
      rack (~> 1.1)
      tilt (< 2.0, >= 1.2.2)
    tilt (1.3.2)

PLATFORMS
  ruby

DEPENDENCIES
  ey_api_hmac!
  ey_services_api!
  ey_services_api_internal!
  haml
  json
  sinatra
